RESTRICTION: == netstandard2.0
NUGET
  remote: https://www.nuget.org/api/v2
    dotnet-fable (1.3.17) - clitool: true
    Fable.Core (1.3.17)
      FSharp.Core (>= 4.2.3)
      NETStandard.Library (>= 1.6.1)
    Fable.Elmish (1.0.3)
      Fable.Core (>= 1.3.8)
      Fable.PowerPack (>= 1.3.4)
      FSharp.Core (>= 4.2.3)
    Fable.Elmish.Bulma (0.1.3)
      Fable.Core (>= 1.1.10)
      Fable.Elmish (>= 0.9.2)
      Fable.React (>= 1.1)
      FSharp.Core (>= 4.2.1)
    Fable.Import.Browser (1.1.3)
      Fable.Core (>= 1.3.17)
    Fable.Import.Node (0.4.3)
      Fable.Core (>= 1.3.8)
    Fable.PowerPack (1.5.1)
      Fable.Core (>= 1.3.8)
      Fable.Import.Browser (>= 1.0)
      FSharp.Core (>= 4.2.3)
    Fable.React (3.1.4)
      Fable.Core (>= 1.3.12)
      Fable.Import.Browser (>= 1.1.1)
    FSharp.Core (4.5.2)
    Fulma (1.0.0-beta-025)
      Fable.Core (>= 1.3.12)
      Fable.React (>= 3.1)
    Microsoft.NETCore.Platforms (2.1)
    NETStandard.Library (2.0.3)
      Microsoft.NETCore.Platforms (>= 1.1)
